GIT
  remote: https://github.com/aleksandarmilicevic/method_source.git
  revision: aec9fd132c0dbd6c1b7a4f9f9ee01ff43040709a
  specs:
    method_source (0.8.3)

GEM
  remote: http://rubygems.org/
  specs:
    ast (1.1.0)
    coderay (1.0.9)
    nilio (1.0.0)
    parser (2.0.0)
      ast (~> 1.1)
      slop (~> 3.4, >= 3.4.5)
    pry (0.9.12.2)
      coderay (~> 1.0.5)
      method_source (~> 0.8)
      slop (~> 3.4)
    slop (3.4.6)

PLATFORMS
  ruby

DEPENDENCIES
  method_source (~> 0.8.3)!
  nilio
  parser (~> 2.0.0.pre7)
  pry
